GEM
  remote: http://rubygems.org/
  specs:
    thread_safe (0.3.6)
    tzinfo (1.2.4)
      thread_safe (~> 0.1)

PLATFORMS
  ruby

DEPENDENCIES
  tzinfo

BUNDLED WITH
   1.16.0
